PATH
  remote: .
  specs:
    tutting (0.1.0)
      rgl

GEM
  remote: https://rubygems.org/
  specs:
    coderay (1.1.2)
    diff-lcs (1.3)
    lazy_priority_queue (0.1.1)
    method_source (0.9.2)
    pry (0.12.2)
      coderay (~> 1.1.0)
      method_source (~> 0.9.0)
    rake (10.5.0)
    rgl (0.5.4)
      lazy_priority_queue (~> 0.1.0)
      stream (~> 0.5.2)
    rspec (3.8.0)
      rspec-core (~> 3.8.0)
      rspec-expectations (~> 3.8.0)
      rspec-mocks (~> 3.8.0)
    rspec-core (3.8.2)
      rspec-support (~> 3.8.0)
    rspec-expectations (3.8.4)
      diff-lcs (>= 1.2.0, < 2.0)
      rspec-support (~> 3.8.0)
    rspec-mocks (3.8.1)
      diff-lcs (>= 1.2.0, < 2.0)
      rspec-support (~> 3.8.0)
    rspec-support (3.8.2)
    stream (0.5.2)

PLATFORMS
  ruby

DEPENDENCIES
  pry (~> 0.12.2)
  rake (~> 10.0)
  rspec (~> 3.0)
  tutting!

RUBY VERSION
   ruby 2.5.1p57

BUNDLED WITH
   2.0.2
